GEM
  remote: http://rubygems.org/
  specs:
    addressable (2.2.0)
    data_objects (0.10.2)
      addressable (~> 2.1)
    dm-core (0.10.2)
      addressable (~> 2.1)
      extlib (~> 0.9.14)
    do_sqlite3 (0.10.2)
      data_objects (= 0.10.2)
    extlib (0.9.15)
    haml (3.0.17)
    r18n-core (0.4.7.1)
    rack (1.2.1)
    sinatra (1.0)
      rack (>= 1.0)
    sinatra-r18n (0.4.7.1)
      r18n-core (= 0.4.7.1)

PLATFORMS
  ruby

DEPENDENCIES
  dm-core (= 0.10.2)
  do_sqlite3
  haml
  sinatra
  sinatra-r18n
